GIT
  remote: git@github.com:xively/cosmui.git
  revision: fde29c0cfa8ea11671666553dda374bb64f7c423
  specs:
    cosmui (2.3.00)
      zurb-foundation (~> 3.2.5)

GEM
  remote: https://rubygems.org/
  specs:
    RedCloth (4.2.9)
    activemodel (3.2.13)
      activesupport (= 3.2.13)
      builder (~> 3.0.0)
    activesupport (3.2.13)
      i18n (= 0.6.1)
      multi_json (~> 1.0)
    addressable (2.3.5)
    asset_sync (0.5.4)
      activemodel
      fog
    builder (3.0.4)
    childprocess (0.3.9)
      ffi (~> 1.0, >= 1.0.11)
    chunky_png (1.2.8)
    classifier (1.3.3)
      fast-stemmer (>= 1.0.0)
    colorator (0.1)
    commander (4.1.3)
      highline (~> 1.6.11)
    compass (0.12.2)
      chunky_png (~> 1.2)
      fssm (>= 0.2.7)
      sass (~> 3.1)
    diff_dirs (0.1.2)
    directory_watcher (1.4.1)
    excon (0.22.1)
    execjs (1.4.0)
      multi_json (~> 1.0)
    faraday (0.8.8)
      multipart-post (~> 1.2.0)
    fast-stemmer (1.0.2)
    ffi (1.9.0)
    fog (1.11.1)
      builder
      excon (~> 0.20)
      formatador (~> 0.2.0)
      json (~> 1.7)
      mime-types
      net-scp (~> 1.1)
      net-ssh (>= 2.1.3)
      nokogiri (~> 1.5.0)
      ruby-hmac
    formatador (0.2.4)
    fssm (0.2.10)
    github_api (0.10.1)
      addressable
      faraday (~> 0.8.1)
      hashie (>= 1.2)
      multi_json (~> 1.4)
      nokogiri (~> 1.5.2)
      oauth2
    hashie (2.0.5)
    highline (1.6.18)
    hike (1.2.2)
    html_massage (0.2.1)
      nokogiri (>= 1.4)
      rest-client (>= 1.6)
      reverse_markdown (>= 0.4)
      sanitize (>= 2.0)
      thor
    httpauth (0.2.0)
    i18n (0.6.1)
    jekyll (1.0.0.rc1)
      classifier (~> 1.3)
      colorator (~> 0.1)
      commander (~> 4.1.3)
      directory_watcher (~> 1.4.1)
      kramdown (~> 0.14)
      liquid (~> 2.3)
      maruku (~> 0.5)
      pygments.rb (~> 0.4.2)
      safe_yaml (~> 0.7.0)
    jekyll-assets (0.4.2)
      jekyll (< 1.0.0)
      sprockets (~> 2.9)
    json (1.8.0)
    jwt (0.1.8)
      multi_json (>= 1.5)
    kramdown (0.14.2)
    libv8 (3.11.8.17)
    liquid (2.5.0)
    maruku (0.6.1)
      syntax (>= 1.0.0)
    mime-types (1.23)
    modular-scale (1.0.6)
      compass (>= 0.12.1)
      sass (>= 3.2.0)
      sassy-math (>= 1.5)
    multi_json (1.7.3)
    multi_xml (0.5.5)
    multipart-post (1.2.0)
    net-scp (1.1.1)
      net-ssh (>= 2.6.5)
    net-ssh (2.6.7)
    nokogiri (1.5.9)
    oauth2 (0.9.2)
      faraday (~> 0.8)
      httpauth (~> 0.2)
      jwt (~> 0.1.4)
      multi_json (~> 1.0)
      multi_xml (~> 0.5)
      rack (~> 1.2)
    posix-spawn (0.3.6)
    pygments.rb (0.4.2)
      posix-spawn (~> 0.3.6)
      yajl-ruby (~> 1.1.0)
    rack (1.5.2)
    rake (10.1.0)
    ref (1.0.5)
    rest-client (1.6.7)
      mime-types (>= 1.16)
    reverse_markdown (0.4.4)
      nokogiri
    ruby-hmac (0.4.0)
    rubyzip (0.9.9)
    safe_yaml (0.7.1)
    sanitize (2.0.3)
      nokogiri (>= 1.4.4, < 1.6)
      nokogiri (>= 1.4.4, < 1.6)
    sass (3.2.10)
    sassy-math (1.5)
      compass (~> 0.11)
    selenium-webdriver (2.35.1)
      childprocess (>= 0.2.5)
      multi_json (~> 1.0)
      rubyzip (< 1.0.0)
      websocket (~> 1.0.4)
    sprockets (2.9.3)
      hike (~> 1.2)
      multi_json (~> 1.0)
      rack (~> 1.0)
      tilt (~> 1.1, != 1.3.0)
    syntax (1.0.0)
    therubyracer (0.11.4)
      libv8 (~> 3.11.8.12)
      ref
    thor (0.18.1)
    tilt (1.4.1)
    uglifier (2.1.1)
      execjs (>= 0.3.0)
      multi_json (~> 1.0, >= 1.0.2)
    webrick (1.3.1)
    websocket (1.0.7)
    yajl-ruby (1.1.0)
    zurb-foundation (3.2.5)
      compass (>= 0.12.2)
      modular-scale (= 1.0.6)
      rake
      sass (>= 3.2.0)

PLATFORMS
  ruby

DEPENDENCIES
  RedCloth
  asset_sync
  compass
  cosmui!
  diff_dirs
  fog
  github_api
  html_massage
  jekyll (= 1.0.0.rc1)
  jekyll-assets
  kramdown
  nokogiri
  rake
  selenium-webdriver
  therubyracer
  uglifier
  webrick
  zurb-foundation
